PATH
  remote: .
  specs:
    em-xmlrpc-client (1.0.1)
      em-http-request (~> 1.0)

GEM
  remote: http://rubygems.org/
  specs:
    addressable (2.4.0)
    cookiejar (0.3.3)
    crack (0.4.3)
      safe_yaml (~> 1.0.0)
    em-http-request (1.1.5)
      addressable (>= 2.3.4)
      cookiejar (!= 0.3.1)
      em-socksify (>= 0.3)
      eventmachine (>= 1.0.3)
      http_parser.rb (>= 0.6.0)
    em-socksify (0.3.2)
      eventmachine (>= 1.0.0.beta.4)
    eventmachine (1.2.7)
    hashdiff (0.3.7)
    http_parser.rb (0.6.0)
    rr (1.0.3)
    safe_yaml (1.0.4)
    webmock (2.3.2)
      addressable (>= 2.3.6)
      crack (>= 0.3.2)
      hashdiff

PLATFORMS
  ruby

DEPENDENCIES
  em-xmlrpc-client!
  eventmachine
  rr
  webmock

BUNDLED WITH
   1.16.2
